GEM
  remote: http://rubygems.org/
  specs:
    addressable (2.6.0)
      public_suffix (>= 2.0.2, < 4.0)
    colorator (1.1.0)
    concurrent-ruby (1.1.4)
    cssminify2 (2.0.1)
    em-websocket (0.5.1)
      eventmachine (>= 0.12.9)
      http_parser.rb (~> 0.6.0)
    eventmachine (1.2.7)
    execjs (2.7.0)
    exifr (1.3.6)
    ffi (1.10.0)
    forwardable-extended (2.6.0)
    fspath (3.1.0)
    htmlcompressor (0.4.0)
    http_parser.rb (0.6.0)
    i18n (0.9.5)
      concurrent-ruby (~> 1.0)
    image_optim (0.26.3)
      exifr (~> 1.2, >= 1.2.2)
      fspath (~> 3.0)
      image_size (>= 1.5, < 3)
      in_threads (~> 1.3)
      progress (~> 3.0, >= 3.0.1)
    image_optim_pack (0.5.1.20190105)
      fspath (>= 2.1, < 4)
      image_optim (~> 0.19)
    image_size (2.0.0)
    in_threads (1.5.1)
    jekyll (3.8.5)
      addressable (~> 2.4)
      colorator (~> 1.0)
      em-websocket (~> 0.5)
      i18n (~> 0.7)
      jekyll-sass-converter (~> 1.0)
      jekyll-watch (~> 2.0)
      kramdown (~> 1.14)
      liquid (~> 4.0)
      mercenary (~> 0.3.3)
      pathutil (~> 0.9)
      rouge (>= 1.7, < 4)
      safe_yaml (~> 1.0)
    jekyll-feed (0.11.0)
      jekyll (~> 3.3)
    jekyll-minifier (0.1.10)
      cssminify2 (~> 2.0)
      htmlcompressor (~> 0.4)
      jekyll (>= 3.5)
      json-minify (~> 0.0.3)
      uglifier (~> 4.1)
    jekyll-sass-converter (1.5.2)
      sass (~> 3.4)
    jekyll-seo-tag (2.5.0)
      jekyll (~> 3.3)
    jekyll-sitemap (1.2.0)
      jekyll (~> 3.3)
    jekyll-target-blank (1.1.1)
      jekyll (~> 3.0)
      nokogiri (~> 1.8.2)
    jekyll-watch (2.1.2)
      listen (~> 3.0)
    jekyll-zopfli (2.0.0)
      jekyll (~> 3.0)
      zopfli (~> 0.0.7)
    json (2.2.0)
    json-minify (0.0.3)
      json (> 0)
    kramdown (1.17.0)
    liquid (4.0.1)
    listen (3.1.5)
      rb-fsevent (~> 0.9, >= 0.9.4)
      rb-inotify (~> 0.9, >= 0.9.7)
      ruby_dep (~> 1.2)
    mercenary (0.3.6)
    mini_portile2 (2.3.0)
    nokogiri (1.8.5)
      mini_portile2 (~> 2.3.0)
    pathutil (0.16.2)
      forwardable-extended (~> 2.6)
    progress (3.5.0)
    public_suffix (3.0.3)
    rb-fsevent (0.10.3)
    rb-inotify (0.10.0)
      ffi (~> 1.0)
    rouge (3.3.0)
    ruby_dep (1.5.0)
    safe_yaml (1.0.5)
    sass (3.7.3)
      sass-listen (~> 4.0.0)
    sass-listen (4.0.0)
      rb-fsevent (~> 0.9, >= 0.9.4)
      rb-inotify (~> 0.9, >= 0.9.7)
    uglifier (4.1.20)
      execjs (>= 0.3.0, < 3)
    zopfli (0.0.7)

PLATFORMS
  ruby

DEPENDENCIES
  image_optim
  image_optim_pack
  jekyll
  jekyll-feed
  jekyll-minifier
  jekyll-seo-tag
  jekyll-sitemap
  jekyll-target-blank
  jekyll-zopfli

BUNDLED WITH
   1.17.1
